PATH
  remote: .
  specs:
    emma (0.0.1)
      httparty
      json

GEM
  remote: https://rubygems.org/
  specs:
    activesupport (7.1.2)
      base64
      bigdecimal
      concurrent-ruby (~> 1.0, >= 1.0.2)
      connection_pool (>= 2.2.5)
      drb
      i18n (>= 1.6, < 2)
      minitest (>= 5.1)
      mutex_m
      tzinfo (~> 2.0)
    addressable (2.3.2)
    base64 (0.2.0)
    bigdecimal (3.1.4)
    bourne (1.1.2)
      mocha (= 0.10.5)
    concurrent-ruby (1.2.2)
    connection_pool (2.4.1)
    crack (0.3.2)
    drb (2.2.0)
      ruby2_keywords
    httparty (0.10.0)
      multi_json (~> 1.0)
      multi_xml
    i18n (1.14.1)
      concurrent-ruby (~> 1.0)
    json (2.3.1)
    metaclass (0.0.4)
    minitest (5.20.0)
    mocha (0.10.5)
      metaclass (~> 0.0.1)
    multi_json (1.15.0)
    multi_xml (0.5.2)
    mutex_m (0.2.0)
    rake (13.0.1)
    ruby2_keywords (0.0.5)
    shoulda (3.3.2)
      shoulda-context (~> 1.0.1)
      shoulda-matchers (~> 1.4.1)
    shoulda-context (1.0.2)
    shoulda-matchers (1.4.2)
      activesupport (>= 3.0.0)
      bourne (~> 1.1.2)
    tzinfo (2.0.6)
      concurrent-ruby (~> 1.0)
    vcr (2.4.0)
    webmock (1.9.0)
      addressable (>= 2.2.7)
      crack (>= 0.1.7)

PLATFORMS
  ruby

DEPENDENCIES
  emma!
  rake
  shoulda
  vcr
  webmock
